GEM
  remote: https://rubygems.org/
  specs:
    actionmailer (4.2.0)
      actionpack (= 4.2.0)
      actionview (= 4.2.0)
      activejob (= 4.2.0)
      mail (~> 2.5, >= 2.5.4)
      rails-dom-testing (~> 1.0, >= 1.0.5)
    actionpack (4.2.0)
      actionview (= 4.2.0)
      activesupport (= 4.2.0)
      rack (~> 1.6.0)
      rack-test (~> 0.6.2)
      rails-dom-testing (~> 1.0, >= 1.0.5)
      rails-html-sanitizer (~> 1.0, >= 1.0.1)
    actionview (4.2.0)
      activesupport (= 4.2.0)
      builder (~> 3.1)
      erubis (~> 2.7.0)
      rails-dom-testing (~> 1.0, >= 1.0.5)
      rails-html-sanitizer (~> 1.0, >= 1.0.1)
    activejob (4.2.0)
      activesupport (= 4.2.0)
      globalid (>= 0.3.0)
    activemodel (4.2.0)
      activesupport (= 4.2.0)
      builder (~> 3.1)
    activesupport (4.2.0)
      i18n (~> 0.7)
      json (~> 1.7, >= 1.7.7)
      minitest (~> 5.1)
      thread_safe (~> 0.3, >= 0.3.4)
      tzinfo (~> 1.1)
    addressable (2.3.7)
    api-auth (1.2.6)
    binding_of_caller (0.7.2)
      debug_inspector (>= 0.0.1)
    blazing (0.4.1)
      activesupport
      grit
      i18n
      logging
      thor
    bson (2.3.0)
    builder (3.2.2)
    celluloid (0.16.0)
      timers (~> 4.0.0)
    coderay (1.1.0)
    connection_pool (2.1.1)
    debug_inspector (0.0.2)
    diff-lcs (1.2.5)
    easy_diff (0.0.4)
    email_validator (1.5.0)
      activemodel
    erubis (2.7.0)
    exception_notification (4.0.1)
      actionmailer (>= 3.0.4)
      activesupport (>= 3.0.4)
    globalid (0.3.3)
      activesupport (>= 4.1.0)
    grit (2.5.0)
      diff-lcs (~> 1.1)
      mime-types (~> 1.15)
      posix-spawn (~> 0.3.6)
    hitimes (1.2.2)
    i18n (0.7.0)
    ice_cube (0.11.1)
    interception (0.5)
    json (1.8.2)
    little-plugger (1.1.3)
    logging (1.8.2)
      little-plugger (>= 1.1.3)
      multi_json (>= 1.8.4)
    loofah (2.0.1)
      nokogiri (>= 1.5.9)
    mail (2.6.3)
      mime-types (>= 1.16, < 3)
    method_source (0.8.2)
    mime-types (1.25.1)
    mini_portile (0.6.2)
    minitest (5.5.1)
    mongoid (4.0.2)
      activemodel (~> 4.0)
      moped (~> 2.0.0)
      origin (~> 2.1)
      tzinfo (>= 0.3.37)
    mongoid-history (0.4.4)
      activesupport
      easy_diff
      mongoid (>= 3.0)
    mongoid_userstamp (0.4.0)
      mongoid (>= 3.0.4)
    moped (2.0.4)
      bson (~> 2.2)
      connection_pool (~> 2.0)
      optionable (~> 0.2.0)
    multi_json (1.10.1)
    mysql2 (0.3.18)
    nokogiri (1.6.6.2)
      mini_portile (~> 0.6.0)
    optionable (0.2.0)
    origin (2.1.1)
    posix-spawn (0.3.10)
    promise (0.3.1)
    pry (0.10.1)
      coderay (~> 1.1.0)
      method_source (~> 0.8.1)
      slop (~> 3.4)
    pry-rescue (1.4.1)
      interception (>= 0.5)
      pry
    pry-stack_explorer (0.4.9.2)
      binding_of_caller (>= 0.7)
      pry (>= 0.9.11)
    rack (1.6.0)
    rack-test (0.6.3)
      rack (>= 1.0)
    rails-deprecated_sanitizer (1.0.3)
      activesupport (>= 4.2.0.alpha)
    rails-dom-testing (1.0.5)
      activesupport (>= 4.2.0.beta, < 5.0)
      nokogiri (~> 1.6.0)
      rails-deprecated_sanitizer (>= 1.0.1)
    rails-html-sanitizer (1.0.1)
      loofah (~> 2.0)
    rails_config (0.5.0.beta1)
      activesupport (>= 3.0)
    redis (3.2.1)
    redis-namespace (1.5.1)
      redis (~> 3.0, >= 3.0.4)
    rspec (3.2.0)
      rspec-core (~> 3.2.0)
      rspec-expectations (~> 3.2.0)
      rspec-mocks (~> 3.2.0)
    rspec-core (3.2.1)
      rspec-support (~> 3.2.0)
    rspec-expectations (3.2.0)
      diff-lcs (>= 1.2.0, < 2.0)
      rspec-support (~> 3.2.0)
    rspec-mocks (3.2.1)
      diff-lcs (>= 1.2.0, < 2.0)
      rspec-support (~> 3.2.0)
    rspec-support (3.2.2)
    sidekiq (3.3.2)
      celluloid (>= 0.16.0)
      connection_pool (>= 2.1.1)
      json
      redis (>= 3.0.6)
      redis-namespace (>= 1.3.1)
    sidetiq (0.6.3)
      celluloid (>= 0.14.1)
      ice_cube (= 0.11.1)
      sidekiq (>= 3.0.0)
    simple_oauth (0.3.1)
    slop (3.6.0)
    thor (0.19.1)
    thread_safe (0.3.4)
    timers (4.0.1)
      hitimes
    trogdir_api_client (0.4.0)
      api-auth (~> 1.0)
      weary (~> 1.0)
    trogdir_models (0.11.2)
      api-auth (~> 1.0)
      email_validator (~> 1.4)
      mongoid (~> 4.0)
      mongoid-history (~> 0.4, <= 0.4.4)
      mongoid_userstamp (~> 0.4)
    tzinfo (1.2.2)
      thread_safe (~> 0.1)
    weary (1.1.3)
      addressable (~> 2.3)
      multi_json (~> 1.7)
      promise (~> 0.3.0)
      rack (~> 1.5)
      simple_oauth (~> 0.2)

PLATFORMS
  ruby

DEPENDENCIES
  blazing
  exception_notification
  mail
  mysql2
  pry
  pry-rescue
  pry-stack_explorer
  rails_config (~> 0.5.0.beta1)
  rspec
  sidekiq
  sidetiq
  trogdir_api_client
  trogdir_models
